GEM
  remote: http://rubygems.org/
  specs:
    archive-tar-minitar (0.5.2)
    childprocess (0.3.7)
      ffi (~> 1.0, >= 1.0.6)
    coral_cloud (0.1.0)
      coral_core (~> 0.1)
    coral_core (0.1.1)
      git (= 1.2.5)
      json (~> 1.7)
      log4r (~> 1.1)
    coral_plan (0.1.0)
      coral_core (~> 0.1)
    diff-lcs (1.1.3)
    erubis (2.7.0)
    ffi (1.3.1)
    git (1.2.5)
    i18n (0.6.1)
    jeweler (1.8.4)
      bundler (~> 1.0)
      git (>= 1.2.5)
      rake
      rdoc
    json (1.7.6)
    log4r (1.1.10)
    net-scp (1.0.4)
      net-ssh (>= 1.99.1)
    net-ssh (2.2.2)
    rake (10.0.3)
    rdoc (3.12)
      json (~> 1.4)
    rspec (2.12.0)
      rspec-core (~> 2.12.0)
      rspec-expectations (~> 2.12.0)
      rspec-mocks (~> 2.12.0)
    rspec-core (2.12.2)
    rspec-expectations (2.12.1)
      diff-lcs (~> 1.1.3)
    rspec-mocks (2.12.2)
    vagrant (1.0.6)
      archive-tar-minitar (= 0.5.2)
      childprocess (~> 0.3.1)
      erubis (~> 2.7.0)
      i18n (~> 0.6.0)
      json (~> 1.5.1)
      log4r (~> 1.1.9)
      net-scp (~> 1.0.4)
      net-ssh (~> 2.2.2)

PLATFORMS
  ruby

DEPENDENCIES
  bundler (~> 1.2)
  coral_cloud (~> 0.1)
  coral_plan (~> 0.1)
  jeweler (~> 1.8)
  rdoc (~> 3.12)
  rspec (~> 2.10)
  vagrant (~> 1.0)
