GEM
  remote: http://rubygems.org/
  specs:
    archive-tar-minitar (0.5.2)
    childprocess (0.3.9)
      ffi (~> 1.0, >= 1.0.11)
    coral_cloud (0.1.3)
      coral_core (~> 0.1)
    coral_core (0.1.9)
      git (= 1.2.5)
      json (>= 1.4)
      log4r (~> 1.1)
    coral_plan (0.1.3)
      coral_core (~> 0.1)
    diff-lcs (1.2.1)
    erubis (2.7.0)
    ffi (1.4.0)
    git (1.2.5)
    i18n (0.6.4)
    jeweler (1.8.4)
      bundler (~> 1.0)
      git (>= 1.2.5)
      rake
      rdoc
    json (1.7.7)
    log4r (1.1.10)
    net-scp (1.0.4)
      net-ssh (>= 1.99.1)
    net-ssh (2.2.2)
    rake (10.0.3)
    rdoc (3.12.2)
      json (~> 1.4)
    rspec (2.13.0)
      rspec-core (~> 2.13.0)
      rspec-expectations (~> 2.13.0)
      rspec-mocks (~> 2.13.0)
    rspec-core (2.13.1)
    rspec-expectations (2.13.0)
      diff-lcs (>= 1.1.3, < 2.0)
    rspec-mocks (2.13.0)
    vagrant (1.0.7)
      archive-tar-minitar (= 0.5.2)
      childprocess (~> 0.3.1)
      erubis (~> 2.7.0)
      i18n (~> 0.6.0)
      json (>= 1.5.1, < 1.8.0)
      log4r (~> 1.1.9)
      net-scp (~> 1.0.4)
      net-ssh (~> 2.2.2)
    yard (0.8.5.2)

PLATFORMS
  ruby

DEPENDENCIES
  bundler (~> 1.2)
  coral_cloud (~> 0.1)
  coral_plan (~> 0.1)
  jeweler (~> 1.8)
  rdoc (~> 3.12)
  rspec (~> 2.10)
  vagrant (~> 1.0)
  yard (~> 0.8)
